PATH
  remote: .
  specs:
    bato (0.0.14)
      ruby2ruby (>= 2.4.4, < 2.6.0)

GEM
  remote: https://rubygems.org/
  specs:
    diff-lcs (1.5.1)
    racc (1.8.0)
    rake (13.2.1)
    rspec (3.13.0)
      rspec-core (~> 3.13.0)
      rspec-expectations (~> 3.13.0)
      rspec-mocks (~> 3.13.0)
    rspec-core (3.13.0)
      rspec-support (~> 3.13.0)
    rspec-expectations (3.13.1)
      diff-lcs (>= 1.2.0, < 2.0)
      rspec-support (~> 3.13.0)
    rspec-mocks (3.13.1)
      diff-lcs (>= 1.2.0, < 2.0)
      rspec-support (~> 3.13.0)
    rspec-support (3.13.1)
    ruby2ruby (2.5.1)
      ruby_parser (~> 3.1)
      sexp_processor (~> 4.6)
    ruby_parser (3.21.1)
      racc (~> 1.5)
      sexp_processor (~> 4.16)
    sexp_processor (4.17.2)

PLATFORMS
  x86_64-darwin-20
  x86_64-darwin-21
  x86_64-linux

DEPENDENCIES
  bato!
  bundler (~> 2.2.19)
  rake (~> 13.2.1)
  rspec (~> 3.13.0)

BUNDLED WITH
   2.2.19
